GEM
  remote: https://rubygems.org/
  specs:
    backports (3.8.0)
    daemons (1.2.4)
    eventmachine (1.2.3)
    heatmap (0.1.1)
    json (2.0.3)
    multi_json (1.12.1)
    plotly (0.0.1)
      json
    rack (1.6.6)
    rack-protection (1.5.3)
      rack
    rack-test (0.6.3)
      rack (>= 1.0)
    rake (12.0.0)
    shotgun (0.9.2)
      rack (>= 1.0)
    sinatra (1.4.8)
      rack (~> 1.5)
      rack-protection (~> 1.4)
      tilt (>= 1.3, < 3)
    sinatra-contrib (1.4.7)
      backports (>= 2.0)
      multi_json
      rack-protection
      rack-test
      sinatra (~> 1.4.0)
      tilt (>= 1.3, < 3)
    thin (1.7.0)
      daemons (~> 1.0, >= 1.0.9)
      eventmachine (~> 1.0, >= 1.0.4)
      rack (>= 1, < 3)
    tilt (2.0.7)

PLATFORMS
  ruby

DEPENDENCIES
  heatmap
  plotly
  rake
  shotgun (~> 0.9.2)
  sinatra
  sinatra-contrib
  thin

BUNDLED WITH
   1.14.6
